GEM
  remote: https://rubygems.org/
  specs:
    bubble-wrap (1.1.5)
    rubymotion_generators (0.1.0)
      thor (~> 0.15)
    thor (0.18.1)

PLATFORMS
  ruby

DEPENDENCIES
  bubble-wrap
  rubymotion_generators
